PATH
  remote: .
  specs:
    differ-cli (1.0.1)
      differ

GEM
  remote: http://rubygems.org/
  specs:
    differ (0.1.2)
    rake (0.9.2.2)

PLATFORMS
  ruby

DEPENDENCIES
  bundler (~> 1.0)
  differ-cli!
  rake (~> 0.9.2)
