PATH
  remote: .
  specs:
    differ-cli (0.0.1)
      differ
      quickl

GEM
  remote: http://rubygems.org/
  specs:
    ansi (1.4.1)
    assert (0.7.3)
      assert-view (~> 0.5)
    assert-view (0.5.0)
      ansi (~> 1.3)
      undies (~> 2.0)
    differ (0.1.2)
    quickl (0.4.2)
    rake (0.9.2.2)
    undies (2.1.0)

PLATFORMS
  ruby

DEPENDENCIES
  assert
  bundler
  differ-cli!
  rake (~> 0.9.2)
